GEM
  remote: https://rubygems.org/
  specs:
    barge (0.11.0)
      faraday (~> 0.9)
      faraday_middleware (~> 0.9)
      hashie (~> 3.3)
    dotenv (1.0.2)
    faraday (0.9.0)
      multipart-post (>= 1.2, < 3)
    faraday_middleware (0.9.1)
      faraday (>= 0.7.4, < 0.10)
    hashie (3.3.2)
    highline (1.6.21)
    multipart-post (2.0.0)

PLATFORMS
  ruby

DEPENDENCIES
  barge
  dotenv
  highline
