GEM
  remote: https://rubygems.org/
  specs:
    barge (0.7.0)
      faraday (~> 0.9)
      faraday_middleware (~> 0.9)
      hashie (~> 3.1)
    dotenv (0.11.1)
      dotenv-deployment (~> 0.0.2)
    dotenv-deployment (0.0.2)
    faraday (0.9.0)
      multipart-post (>= 1.2, < 3)
    faraday_middleware (0.9.1)
      faraday (>= 0.7.4, < 0.10)
    hashie (3.1.0)
    highline (1.6.21)
    multipart-post (2.0.0)

PLATFORMS
  ruby

DEPENDENCIES
  barge
  dotenv
  highline
